GIT
  remote: https://github.com/pry/pry.git
  revision: 899684c3ba24156e0ca3853b74ac58c276a14379
  ref: 899684c3ba24156e0ca3853b74ac58c276a14379
  specs:
    pry (0.12.2)
      coderay (~> 1.1)
      method_source (~> 0.9.0)

GEM
  remote: https://rubygems.org/
  specs:
    coderay (1.1.2)
    diff-lcs (1.3)
    method_source (0.9.2)
    rspec (3.9.0)
      rspec-core (~> 3.9.0)
      rspec-expectations (~> 3.9.0)
      rspec-mocks (~> 3.9.0)
    rspec-core (3.9.1)
      rspec-support (~> 3.9.1)
    rspec-expectations (3.9.0)
      diff-lcs (>= 1.2.0, < 2.0)
      rspec-support (~> 3.9.0)
    rspec-mocks (3.9.1)
      diff-lcs (>= 1.2.0, < 2.0)
      rspec-support (~> 3.9.0)
    rspec-support (3.9.2)

PLATFORMS
  ruby

DEPENDENCIES
  pry!
  rspec

BUNDLED WITH
   2.1.2
