GIT
  remote: https://github.com/pry/pry.git
  revision: 899684c3ba24156e0ca3853b74ac58c276a14379
  ref: 899684c3ba24156e0ca3853b74ac58c276a14379
  specs:
    pry (0.12.2)
      coderay (~> 1.1)
      method_source (~> 0.9.0)

GEM
  remote: https://rubygems.org/
  specs:
    aws-eventstream (1.0.3)
    aws-partitions (1.278.0)
    aws-sdk-core (3.90.1)
      aws-eventstream (~> 1.0, >= 1.0.2)
      aws-partitions (~> 1, >= 1.239.0)
      aws-sigv4 (~> 1.1)
      jmespath (~> 1.0)
    aws-sdk-dynamodb (1.43.0)
      aws-sdk-core (~> 3, >= 3.71.0)
      aws-sigv4 (~> 1.1)
    aws-sigv4 (1.1.1)
      aws-eventstream (~> 1.0, >= 1.0.2)
    coderay (1.1.2)
    diff-lcs (1.3)
    jmespath (1.4.0)
    method_source (0.9.2)
    rspec (3.9.0)
      rspec-core (~> 3.9.0)
      rspec-expectations (~> 3.9.0)
      rspec-mocks (~> 3.9.0)
    rspec-core (3.9.1)
      rspec-support (~> 3.9.1)
    rspec-expectations (3.9.0)
      diff-lcs (>= 1.2.0, < 2.0)
      rspec-support (~> 3.9.0)
    rspec-mocks (3.9.1)
      diff-lcs (>= 1.2.0, < 2.0)
      rspec-support (~> 3.9.0)
    rspec-support (3.9.2)

PLATFORMS
  ruby

DEPENDENCIES
  aws-sdk-dynamodb (~> 1)
  pry!
  rspec

BUNDLED WITH
   2.1.2
